GEM
  remote: https://rubygems.org/
  specs:
    jwt (2.7.0)

PLATFORMS
  ruby

DEPENDENCIES
  jwt

RUBY VERSION
   ruby 2.7.5p203

BUNDLED WITH
   2.1.4
